GEM
  remote: http://rubygems.org/
  specs:
    awesome_print (1.8.0)
    backports (3.13.0)
    diff-lcs (1.3)
    multi_json (1.13.1)
    mustermann (1.0.3)
    newrelic_rpm (6.2.0.354)
    oj (3.7.12)
    ougai (1.7.1)
      oj (~> 3.4)
    pg (1.1.4)
    pg (1.1.4-x64-mingw32)
    puma (3.12.1)
    rack (2.0.7)
    rack-protection (2.0.5)
      rack
    rack-request-id (0.0.4)
    rack-test (1.1.0)
      rack (>= 1.0, < 3)
    rake (12.3.2)
    request_store (1.4.1)
      rack (>= 1.4)
    rspec (3.8.0)
      rspec-core (~> 3.8.0)
      rspec-expectations (~> 3.8.0)
      rspec-mocks (~> 3.8.0)
    rspec-core (3.8.0)
      rspec-support (~> 3.8.0)
    rspec-expectations (3.8.3)
      diff-lcs (>= 1.2.0, < 2.0)
      rspec-support (~> 3.8.0)
    rspec-mocks (3.8.0)
      diff-lcs (>= 1.2.0, < 2.0)
      rspec-support (~> 3.8.0)
    rspec-support (3.8.0)
    sequel (5.19.0)
    sinatra (2.0.5)
      mustermann (~> 1.0)
      rack (~> 2.0)
      rack-protection (= 2.0.5)
      tilt (~> 2.0)
    sinatra-contrib (2.0.5)
      backports (>= 2.8.2)
      multi_json
      mustermann (~> 1.0)
      rack-protection (= 2.0.5)
      sinatra (= 2.0.5)
      tilt (>= 1.3, < 3)
    tilt (2.0.9)

PLATFORMS
  ruby
  x86_64-linux

DEPENDENCIES
  awesome_print
  newrelic_rpm
  ougai
  pg
  puma
  rack-request-id
  rack-test
  rake
  request_store
  rspec
  sequel
  sinatra
  sinatra-contrib

RUBY VERSION
   ruby 2.6.3p62

BUNDLED WITH
   2.0.1
