GIT
  remote: https://github.com/ged/ruby-pg.git
  revision: 63ae613dfde1a4bbf1ec621c931fd3e47a1778a9
  specs:
    pg (1.3.0.pre20210319181010)

GEM
  remote: https://rubygems.org/
  specs:
    amazing_print (1.3.0)
    amq-protocol (2.3.2)
    ast (2.4.2)
    bunny (2.18.0)
      amq-protocol (~> 2.3, >= 2.3.1)
      sorted_set (~> 1, >= 1.0.2)
    diff-lcs (1.4.4)
    docile (1.4.0)
    hash_dot (2.5.0)
    multi_json (1.15.0)
    mustermann (1.1.1)
      ruby2_keywords (~> 0.0.1)
    newrelic_rpm (7.0.0)
    nio4r (2.5.7)
    oj (3.11.5)
    ougai (2.0.0)
      oj (~> 3.10)
    parallel (1.20.1)
    parser (3.0.1.1)
      ast (~> 2.4.1)
    pg_random_id (1.0.2)
    puma (5.3.2)
      nio4r (~> 2.0)
    rack (2.2.3)
    rack-protection (2.1.0)
      rack
    rack-request-id (0.0.4)
    rack-test (1.1.0)
      rack (>= 1.0, < 3)
    rainbow (3.0.0)
    rake (13.0.3)
    rbtree (0.4.4)
    regexp_parser (2.1.1)
    request_store (1.5.0)
      rack (>= 1.4)
    rexml (3.2.5)
    rspec (3.10.0)
      rspec-core (~> 3.10.0)
      rspec-expectations (~> 3.10.0)
      rspec-mocks (~> 3.10.0)
    rspec-core (3.10.1)
      rspec-support (~> 3.10.0)
    rspec-expectations (3.10.1)
      diff-lcs (>= 1.2.0, < 2.0)
      rspec-support (~> 3.10.0)
    rspec-mocks (3.10.2)
      diff-lcs (>= 1.2.0, < 2.0)
      rspec-support (~> 3.10.0)
    rspec-support (3.10.2)
    rubocop (1.14.0)
      parallel (~> 1.10)
      parser (>= 3.0.0.0)
      rainbow (>= 2.2.2, < 4.0)
      regexp_parser (>= 1.8, < 3.0)
      rexml
      rubocop-ast (>= 1.5.0, < 2.0)
      ruby-progressbar (~> 1.7)
      unicode-display_width (>= 1.4.0, < 3.0)
    rubocop-ast (1.7.0)
      parser (>= 3.0.1.1)
    rubocop-performance (1.11.2)
      rubocop (>= 1.7.0, < 2.0)
      rubocop-ast (>= 0.4.0)
    ruby-progressbar (1.11.0)
    ruby2_keywords (0.0.4)
    sequel (5.44.0)
    sequel-rake (0.2.0)
      thor (~> 0.19)
    set (1.0.1)
    simplecov (0.21.2)
      docile (~> 1.1)
      simplecov-html (~> 0.11)
      simplecov_json_formatter (~> 0.1)
    simplecov-html (0.12.3)
    simplecov_json_formatter (0.1.3)
    sinatra (2.1.0)
      mustermann (~> 1.0)
      rack (~> 2.2)
      rack-protection (= 2.1.0)
      tilt (~> 2.0)
    sinatra-contrib (2.1.0)
      multi_json
      mustermann (~> 1.0)
      rack-protection (= 2.1.0)
      sinatra (= 2.1.0)
      tilt (~> 2.0)
    sinatra-param (1.6.0)
      sinatra (>= 1.3)
    sorted_set (1.0.3)
      rbtree
      set (~> 1.0)
    standard (1.1.1)
      rubocop (= 1.14.0)
      rubocop-performance (= 1.11.2)
    thor (0.20.3)
    tilt (2.0.10)
    unicode-display_width (2.0.0)

PLATFORMS
  ruby
  x86_64-linux

DEPENDENCIES
  amazing_print
  bunny
  hash_dot
  newrelic_rpm
  ougai
  pg!
  pg_random_id
  puma
  rack-request-id
  rack-test
  rake
  request_store
  rspec
  sequel
  sequel-rake
  simplecov
  sinatra
  sinatra-contrib
  sinatra-param
  standard

RUBY VERSION
   ruby 3.0.1p64

BUNDLED WITH
   2.2.15
